PATH
  remote: .
  specs:
    no_tbj (0.2.0)

GEM
  remote: https://rubygems.org/
  specs:
    rake (13.0.6)

PLATFORMS
  x86-mingw32

DEPENDENCIES
  no_tbj!
  rake (~> 13.0)

BUNDLED WITH
   2.3.16
